PATH
  remote: .
  specs:
    grandiorite (1.0.3)
      rainbow (>= 3.0.0)

GEM
  remote: https://rubygems.org/
  specs:
    rainbow (3.0.0)

PLATFORMS
  ruby

DEPENDENCIES
  grandiorite!

BUNDLED WITH
   2.1.4
