PATH
  remote: .
  specs:
    grandiorite (0.0.1)
      rainbow (>= 1.3, < 3)

GEM
  remote: https://rubygems.org/
  specs:
    rainbow (2.2.2)
      rake
    rake (12.3.2)

PLATFORMS
  ruby

DEPENDENCIES
  grandiorite!

BUNDLED WITH
   2.0.1
